GEM
  remote: https://rubygems.org/
  specs:
    highline (2.0.3)
    sqlite3 (1.5.3-x64-mingw-ucrt)
    sqlite3 (1.5.3-x86_64-linux)

PLATFORMS
  x64-mingw-ucrt
  x86_64-linux

DEPENDENCIES
  highline
  sqlite3

BUNDLED WITH
   2.3.3
